GEM
  remote: https://rubygems.org/
  specs:
    ffi (1.9.10)
    listen (3.0.6)
      rb-fsevent (>= 0.9.3)
      rb-inotify (>= 0.9.7)
    mail (2.6.3)
      mime-types (>= 1.16, < 3)
    mime-types (2.99.1)
    rb-fsevent (0.9.7)
    rb-inotify (0.9.7)
      ffi (>= 0.5.0)
    terminal-notifier (1.6.3)

PLATFORMS
  ruby

DEPENDENCIES
  listen (~> 3.0)
  mail (~> 2.6.0)
  terminal-notifier (~> 1.6.3)

BUNDLED WITH
   1.11.2
